GEM
  remote: https://rubygems.org/
  specs:
    abstract_type (0.0.5)
      backports (~> 3.0, >= 3.0.3)
    adamantium (0.0.7)
      backports (~> 3.0, >= 3.0.3)
      ice_nine (~> 0.7.0)
    backports (3.3.0)
    descendants_tracker (0.0.1)
    diff-lcs (1.2.4)
    equalizer (0.0.5)
      adamantium (~> 0.0.6)
      backports (~> 3.0, >= 3.0.3)
    ice_nine (0.7.0)
    inflecto (0.0.2)
    mutant (0.2.20)
      abstract_type (~> 0.0.3)
      adamantium (~> 0.0.7)
      backports (~> 3.0, >= 3.0.3)
      descendants_tracker (~> 0.0.1)
      diff-lcs (~> 1.2.1)
      equalizer (~> 0.0.5)
      ice_nine (~> 0.7.0)
      inflecto (~> 0.0.2)
      rspec (~> 2.13.0)
      to_source (~> 0.2.19)
    mutant-melbourne (2.0.3)
    rspec (2.13.0)
      rspec-core (~> 2.13.0)
      rspec-expectations (~> 2.13.0)
      rspec-mocks (~> 2.13.0)
    rspec-core (2.13.1)
    rspec-expectations (2.13.0)
      diff-lcs (>= 1.1.3, < 2.0)
    rspec-mocks (2.13.1)
    thor (0.18.1)
    to_source (0.2.20)
      abstract_type (~> 0.0.5)
      adamantium (~> 0.0.7)
      equalizer (~> 0.0.5)
      mutant-melbourne (~> 2.0.3)

PLATFORMS
  ruby

DEPENDENCIES
  mutant
  thor
